GIT
  remote: https://github.com/asciidoctor/asciidoctor-pdf.git
  revision: ceb27aebf98692eac692f1e360fbf7a3973a23e6
  specs:
    asciidoctor-pdf (1.5.0.beta.4.dev)
      asciidoctor (>= 1.5.3, < 3.0.0)
      concurrent-ruby (~> 1.1.0)
      prawn (~> 2.2.0)
      prawn-icon (~> 2.4.0)
      prawn-svg (~> 0.29.0)
      prawn-table (~> 0.2.0)
      prawn-templates (~> 0.1.0)
      safe_yaml (~> 1.0.0)
      thread_safe (~> 0.3.0)
      treetop (~> 1.5.0)

GEM
  remote: https://rubygems.org/
  specs:
    Ascii85 (1.0.3)
    addressable (2.7.0)
      public_suffix (>= 2.0.2, < 5.0)
    afm (0.2.2)
    asciidoctor (1.5.8)
    asciidoctor-epub3 (1.5.0.alpha.8)
      asciidoctor (~> 1.5.0)
      gepub (~> 0.6.9.2)
      thread_safe (~> 0.3.6)
    awesome_print (1.8.0)
    coderay (1.1.2)
    concurrent-ruby (1.1.5)
    css_parser (1.7.0)
      addressable
    epubcheck (3.0.1)
    gepub (0.6.9.2)
      nokogiri (~> 1.6.1)
      rubyzip (>= 1.1.1)
    hashery (2.1.2)
    json (2.2.0)
    kindlegen (3.0.3)
      rake
      rubyzip
    mini_portile2 (2.1.0)
    multi_json (1.13.1)
    nokogiri (1.6.8.1)
      mini_portile2 (~> 2.1.0)
    pdf-core (0.7.0)
    pdf-reader (2.2.1)
      Ascii85 (~> 1.0.0)
      afm (~> 0.2.1)
      hashery (~> 2.0)
      ruby-rc4
      ttfunk
    polyglot (0.3.5)
    prawn (2.2.2)
      pdf-core (~> 0.7.0)
      ttfunk (~> 1.5)
    prawn-icon (2.4.0)
      prawn (>= 1.1.0, < 3.0.0)
    prawn-svg (0.29.1)
      css_parser (~> 1.6)
      prawn (>= 0.11.1, < 3)
    prawn-table (0.2.2)
      prawn (>= 1.3.0, < 3.0.0)
    prawn-templates (0.1.1)
      pdf-reader (~> 2.0)
      prawn (~> 2.2)
    public_suffix (4.0.1)
    pygments.rb (1.2.1)
      multi_json (>= 1.0.0)
    rake (12.3.3)
    ruby-rc4 (0.1.5)
    rubyzip (1.2.2)
    safe_yaml (1.0.5)
    thread_safe (0.3.6)
    treetop (1.5.3)
      polyglot (~> 0.3)
    ttfunk (1.5.1)

PLATFORMS
  ruby

DEPENDENCIES
  asciidoctor
  asciidoctor-epub3
  asciidoctor-pdf!
  awesome_print
  coderay
  epubcheck
  json
  kindlegen
  pygments.rb
  rake
  thread_safe

BUNDLED WITH
   1.16.1
