GIT
  remote: https://github.com/asciidoctor/asciidoctor-pdf.git
  revision: 569fa424d621eba7de5f5c3808fe76d9230b58ce
  specs:
    asciidoctor-pdf (2.0.0.dev)
      asciidoctor (~> 2.0)
      concurrent-ruby (~> 1.1)
      prawn (~> 2.4.0)
      prawn-icon (~> 3.0.0)
      prawn-svg (~> 0.31.0)
      prawn-table (~> 0.2.0)
      prawn-templates (~> 0.1.0)
      safe_yaml (~> 1.0.0)
      treetop (~> 1.6.0)

GEM
  remote: https://rubygems.org/
  specs:
    Ascii85 (1.0.3)
    addressable (2.7.0)
      public_suffix (>= 2.0.2, < 5.0)
    afm (0.2.2)
    asciidoctor (2.0.12)
    asciidoctor-epub3 (1.5.0.alpha.19)
      asciidoctor (>= 1.5.6, < 3.0.0)
      gepub (~> 1.0.0)
      mime-types (~> 3.0)
    awesome_print (1.8.0)
    coderay (1.1.3)
    concurrent-ruby (1.1.7)
    css_parser (1.7.1)
      addressable
    epubcheck (3.0.1)
    gepub (1.0.11)
      nokogiri (>= 1.8.2, < 1.11)
      rubyzip (> 1.1.1, < 2.3)
    hashery (2.1.2)
    json (2.5.1)
    mime-types (3.3.1)
      mime-types-data (~> 3.2015)
    mime-types-data (3.2020.0512)
    mini_portile2 (2.4.0)
    multi_json (1.13.1)
    nokogiri (1.10.10)
      mini_portile2 (~> 2.4.0)
    pdf-core (0.9.0)
    pdf-reader (2.4.1)
      Ascii85 (~> 1.0.0)
      afm (~> 0.2.1)
      hashery (~> 2.0)
      ruby-rc4
      ttfunk
    polyglot (0.3.5)
    prawn (2.4.0)
      pdf-core (~> 0.9.0)
      ttfunk (~> 1.7)
    prawn-icon (3.0.0)
      prawn (>= 1.1.0, < 3.0.0)
    prawn-svg (0.31.0)
      css_parser (~> 1.6)
      prawn (>= 0.11.1, < 3)
    prawn-table (0.2.2)
      prawn (>= 1.3.0, < 3.0.0)
    prawn-templates (0.1.2)
      pdf-reader (~> 2.0)
      prawn (~> 2.2)
    public_suffix (4.0.6)
    pygments.rb (1.2.1)
      multi_json (>= 1.0.0)
    rake (13.0.3)
    ruby-rc4 (0.1.5)
    rubyzip (2.2.0)
    safe_yaml (1.0.5)
    thread_safe (0.3.6)
    treetop (1.6.11)
      polyglot (~> 0.3)
    ttfunk (1.7.0)

PLATFORMS
  ruby

DEPENDENCIES
  asciidoctor
  asciidoctor-epub3
  asciidoctor-pdf!
  awesome_print
  coderay
  epubcheck
  json
  pygments.rb
  rake
  thread_safe

BUNDLED WITH
   2.1.4
